GEM
  remote: https://rubygems.org/
  specs:
    actionmailer (4.2.6)
      actionpack (= 4.2.6)
      actionview (= 4.2.6)
      activejob (= 4.2.6)
      mail (~> 2.5, >= 2.5.4)
      rails-dom-testing (~> 1.0, >= 1.0.5)
    actionpack (4.2.6)
      actionview (= 4.2.6)
      activesupport (= 4.2.6)
      rack (~> 1.6)
      rack-test (~> 0.6.2)
      rails-dom-testing (~> 1.0, >= 1.0.5)
      rails-html-sanitizer (~> 1.0, >= 1.0.2)
    actionview (4.2.6)
      activesupport (= 4.2.6)
      builder (~> 3.1)
      erubis (~> 2.7.0)
      rails-dom-testing (~> 1.0, >= 1.0.5)
      rails-html-sanitizer (~> 1.0, >= 1.0.2)
    activejob (4.2.6)
      activesupport (= 4.2.6)
      globalid (>= 0.3.0)
    activemerchant (1.60.0)
      activesupport (>= 3.2.14, < 5.1)
      builder (>= 2.1.2, < 4.0.0)
      i18n (>= 0.6.9)
      nokogiri (~> 1.4)
    activemodel (4.2.6)
      activesupport (= 4.2.6)
      builder (~> 3.1)
    activerecord (4.2.6)
      activemodel (= 4.2.6)
      activesupport (= 4.2.6)
      arel (~> 6.0)
    activesupport (4.2.6)
      i18n (~> 0.7)
      json (~> 1.7, >= 1.7.7)
      minitest (~> 5.1)
      thread_safe (~> 0.3, >= 0.3.4)
      tzinfo (~> 1.1)
    acts_as_list (0.7.6)
      activerecord (>= 3.0)
    addressable (2.4.0)
    arel (6.0.3)
    awesome_nested_set (3.0.3)
      activerecord (>= 4.0.0, < 5)
    bcrypt (3.1.11)
    binding_of_caller (0.7.2)
      debug_inspector (>= 0.0.1)
    bourbon (4.2.7)
      sass (~> 3.4)
      thor (~> 0.19)
    builder (3.2.2)
    byebug (9.0.5)
    camertron-eprun (1.1.0)
    cancancan (1.15.0)
    canonical-rails (0.0.11)
      rails (>= 3.1, < 5.0)
    carmen (1.0.2)
      activesupport (>= 3.0.0)
    cldr-plurals-runtime-rb (1.0.1)
    climate_control (0.0.3)
      activesupport (>= 3.0)
    cocaine (0.5.8)
      climate_control (>= 0.0.3, < 1.0)
    coffee-rails (4.1.1)
      coffee-script (>= 2.2.0)
      railties (>= 4.0.0, < 5.1.x)
    coffee-script (2.4.1)
      coffee-script-source
      execjs
    coffee-script-source (1.10.0)
    colorize (0.8.1)
    concurrent-ruby (1.0.2)
    css_parser (1.4.5)
      addressable
    debug_inspector (0.0.2)
    deface (1.0.2)
      colorize (>= 0.5.8)
      nokogiri (~> 1.6.0)
      polyglot
      rails (>= 3.1)
    devise (4.2.0)
      bcrypt (~> 3.0)
      orm_adapter (~> 0.1)
      railties (>= 4.1.0, < 5.1)
      responders
      warden (~> 1.2.3)
    devise-encryptable (0.2.0)
      devise (>= 2.1.0)
    dotenv (2.1.1)
    erubis (2.7.0)
    execjs (2.7.0)
    ffaker (2.2.0)
    font-awesome-rails (4.6.3.1)
      railties (>= 3.2, < 5.1)
    friendly_id (5.1.0)
      activerecord (>= 4.0.0)
    globalid (0.3.7)
      activesupport (>= 4.1.0)
    handlebars_assets (0.23.0)
      execjs (~> 2.0)
      multi_json (~> 1.0)
      sprockets (>= 2.0.0)
      tilt (>= 1.2)
    highline (1.6.21)
    htmlentities (4.3.4)
    i18n (0.7.0)
    jbuilder (2.6.0)
      activesupport (>= 3.0.0, < 5.1)
      multi_json (~> 1.2)
    jquery-rails (4.1.1)
      rails-dom-testing (>= 1, < 3)
      railties (>= 4.2.0)
      thor (>= 0.14, < 2.0)
    jquery-ui-rails (5.0.5)
      railties (>= 3.2.16)
    json (1.8.3)
    kaminari (0.17.0)
      actionpack (>= 3.0.0)
      activesupport (>= 3.0.0)
    libv8 (3.16.14.15)
    loofah (2.0.3)
      nokogiri (>= 1.5.9)
    mail (2.6.4)
      mime-types (>= 1.16, < 4)
    mime-types (3.1)
      mime-types-data (~> 3.2015)
    mime-types-data (3.2016.0521)
    mini_portile2 (2.1.0)
    minitest (5.9.0)
    monetize (1.4.0)
      money (~> 6.7)
    money (6.7.1)
      i18n (>= 0.6.4, <= 0.7.0)
      sixarm_ruby_unaccent (>= 1.1.1, < 2)
    multi_json (1.12.1)
    nokogiri (1.6.8)
      mini_portile2 (~> 2.1.0)
      pkg-config (~> 1.1.7)
    orm_adapter (0.5.0)
    paperclip (4.2.4)
      activemodel (>= 3.2.0)
      activesupport (>= 3.2.0)
      cocaine (~> 0.5.5)
      mime-types
    paranoia (2.1.5)
      activerecord (~> 4.0)
    pg (0.18.4)
    pkg-config (1.1.7)
    polyamorous (1.3.1)
      activerecord (>= 3.0)
    polyglot (0.3.5)
    premailer (1.8.7)
      css_parser (>= 1.4.5)
      htmlentities (>= 4.0.0)
    premailer-rails (1.9.4)
      actionmailer (>= 3, < 6)
      premailer (~> 1.7, >= 1.7.9)
    puma (3.6.0)
    rabl (0.11.8)
      activesupport (>= 2.3.14)
    rack (1.6.4)
    rack-test (0.6.3)
      rack (>= 1.0)
    rack-timeout (0.4.2)
    rails (4.2.6)
      actionmailer (= 4.2.6)
      actionpack (= 4.2.6)
      actionview (= 4.2.6)
      activejob (= 4.2.6)
      activemodel (= 4.2.6)
      activerecord (= 4.2.6)
      activesupport (= 4.2.6)
      bundler (>= 1.3.0, < 2.0)
      railties (= 4.2.6)
      sprockets-rails
    rails-deprecated_sanitizer (1.0.3)
      activesupport (>= 4.2.0.alpha)
    rails-dom-testing (1.0.7)
      activesupport (>= 4.2.0.beta, < 5.0)
      nokogiri (~> 1.6.0)
      rails-deprecated_sanitizer (>= 1.0.1)
    rails-html-sanitizer (1.0.3)
      loofah (~> 2.0)
    rails_12factor (0.0.3)
      rails_serve_static_assets
      rails_stdout_logging
    rails_serve_static_assets (0.0.5)
    rails_stdout_logging (0.0.5)
    railties (4.2.6)
      actionpack (= 4.2.6)
      activesupport (= 4.2.6)
      rake (>= 0.8.7)
      thor (>= 0.18.1, < 2.0)
    rake (11.2.2)
    ransack (1.8.1)
      actionpack (>= 3.0)
      activerecord (>= 3.0)
      activesupport (>= 3.0)
      i18n
      polyamorous (~> 1.3)
    rdoc (4.2.2)
      json (~> 1.4)
    ref (2.0.0)
    responders (2.2.0)
      railties (>= 4.2.0, < 5.1)
    sass (3.4.22)
    sass-rails (5.0.6)
      railties (>= 4.0.0, < 6)
      sass (~> 3.1)
      sprockets (>= 2.8, < 4.0)
      sprockets-rails (>= 2.0, < 4.0)
      tilt (>= 1.1, < 3)
    sdoc (0.4.1)
      json (~> 1.7, >= 1.7.7)
      rdoc (~> 4.0)
    select2-rails (3.5.9.1)
      thor (~> 0.14)
    sixarm_ruby_unaccent (1.1.1)
    solidus (1.3.1)
      solidus_api (= 1.3.1)
      solidus_backend (= 1.3.1)
      solidus_core (= 1.3.1)
      solidus_frontend (= 1.3.1)
      solidus_sample (= 1.3.1)
    solidus_api (1.3.1)
      rabl (>= 0.9.4.pre1, < 0.12.0)
      solidus_core (= 1.3.1)
      versioncake (~> 3.0)
    solidus_auth_devise (1.5.0)
      deface (~> 1.0.0)
      devise (~> 4.1)
      devise-encryptable (= 0.2.0)
      json
      multi_json
      solidus_core (>= 1.0.6, < 2)
    solidus_backend (1.3.1)
      bourbon (>= 4, < 6)
      coffee-rails
      font-awesome-rails (~> 4.0)
      handlebars_assets (~> 0.23)
      jquery-rails
      jquery-ui-rails (~> 5.0.0)
      sass-rails
      select2-rails (= 3.5.9.1)
      solidus_api (= 1.3.1)
      solidus_core (= 1.3.1)
    solidus_core (1.3.1)
      activemerchant (~> 1.48)
      acts_as_list (~> 0.3)
      awesome_nested_set (~> 3.0.1)
      cancancan (~> 1.10)
      carmen (~> 1.0.0)
      ffaker (~> 2.0)
      friendly_id (~> 5.0)
      highline (~> 1.6.18)
      kaminari (~> 0.15, >= 0.15.1)
      monetize (~> 1.1)
      paperclip (~> 4.2.0)
      paranoia (~> 2.1, >= 2.1.4)
      premailer-rails
      rails (~> 4.2.5)
      ransack (~> 1.6)
      responders
      state_machines-activerecord (~> 0.2)
      stringex (~> 1.5.1)
      truncate_html (= 0.9.2)
      twitter_cldr (~> 3.0)
    solidus_frontend (1.3.1)
      canonical-rails (~> 0.0.4)
      coffee-rails
      font-awesome-rails (~> 4.0)
      jquery-rails
      sass-rails
      solidus_api (= 1.3.1)
      solidus_core (= 1.3.1)
    solidus_sample (1.3.1)
      solidus_core (= 1.3.1)
    spring (1.7.2)
    sprockets (3.7.0)
      concurrent-ruby (~> 1.0)
      rack (> 1, < 3)
    sprockets-rails (3.1.1)
      actionpack (>= 4.0)
      activesupport (>= 4.0)
      sprockets (>= 3.0.0)
    state_machines (0.4.0)
    state_machines-activemodel (0.4.0)
      activemodel (>= 4.1, < 5.1)
      state_machines (>= 0.4.0)
    state_machines-activerecord (0.4.0)
      activerecord (>= 4.1, < 5.1)
      state_machines-activemodel (>= 0.3.0)
    stringex (1.5.1)
    therubyracer (0.12.2)
      libv8 (~> 3.16.14.0)
      ref
    thor (0.19.1)
    thread_safe (0.3.5)
    tilt (2.0.5)
    truncate_html (0.9.2)
    turbolinks (5.0.1)
      turbolinks-source (~> 5)
    turbolinks-source (5.0.0)
    twitter_cldr (3.5.0)
      camertron-eprun
      cldr-plurals-runtime-rb (~> 1.0.0)
      tzinfo
    tzinfo (1.2.2)
      thread_safe (~> 0.1)
    uglifier (3.0.1)
      execjs (>= 0.3.0, < 3)
    versioncake (3.1.0)
      actionpack (>= 3.2)
      activesupport (>= 3.2)
      railties (>= 3.2)
      tzinfo
    warden (1.2.6)
      rack (>= 1.0)
    web-console (2.3.0)
      activemodel (>= 4.0)
      binding_of_caller (>= 0.7.2)
      railties (>= 4.0)
      sprockets-rails (>= 2.0, < 4.0)

PLATFORMS
  ruby

DEPENDENCIES
  byebug
  coffee-rails (~> 4.1.0)
  dotenv
  jbuilder (~> 2.0)
  jquery-rails
  pg (~> 0.15)
  puma
  rack-timeout
  rails (= 4.2.6)
  rails_12factor
  sass-rails (~> 5.0)
  sdoc (~> 0.4.0)
  solidus (~> 1.3)
  solidus_auth_devise (~> 1.5)
  spring
  therubyracer
  turbolinks
  uglifier (>= 1.3.0)
  web-console (~> 2.0)

RUBY VERSION
   ruby 2.2.3p173

BUNDLED WITH
   1.12.5
